GIT
  remote: https://github.com/richpeck/ruby2d.git
  revision: fc94f650f3f7f51981b5d8141f2dd8e21e0c8346
  branch: windows
  submodules: true
  specs:
    ruby2d (0.11.1)

GEM
  remote: https://rubygems.org/
  specs:

PLATFORMS
  x64-mingw32

DEPENDENCIES
  ruby2d!

BUNDLED WITH
   2.3.4
